GEM
  remote: https://rubygems.org/
  specs:
    builder (3.2.2)
    jwt (1.2.1)
    multi_json (1.10.1)
    newrelic_rpm (3.9.9.275)
    rack (1.6.0)
    rack-protection (1.5.3)
      rack
    sinatra (1.4.5)
      rack (~> 1.4)
      rack-protection (~> 1.4)
      tilt (~> 1.3, >= 1.3.4)
    tilt (1.4.1)
    twilio-ruby (3.11.5)
      builder (>= 2.1.2)
      jwt (>= 0.1.2)
      multi_json (>= 1.3.0)

PLATFORMS
  ruby

DEPENDENCIES
  newrelic_rpm
  sinatra (= 1.4.5)
  twilio-ruby (= 3.11.5)
